GIT
  remote: https://github.com/archiloque/rest-client
  revision: 2a32c7b3db297132afc03794dbdafe1fccaf1bd4
  specs:
    rest-client (1.6.7)
      mime-types (>= 1.16)
      netrc

GEM
  remote: http://rubygems.org/
  specs:
    diff-lcs (1.1.3)
    git (1.2.5)
    hashie (1.2.0)
    jeweler (1.6.4)
      bundler (~> 1.0)
      git (>= 1.2.5)
      rake
    json (1.6.2)
    mime-types (1.17.2)
    netrc (0.4)
    rake (0.9.2.2)
    rspec (2.7.0)
      rspec-core (~> 2.7.0)
      rspec-expectations (~> 2.7.0)
      rspec-mocks (~> 2.7.0)
    rspec-core (2.7.1)
    rspec-expectations (2.7.0)
      diff-lcs (~> 1.1.2)
    rspec-mocks (2.7.0)
    yard (0.7.3)

PLATFORMS
  ruby

DEPENDENCIES
  bundler (~> 1.0)
  hashie (~> 1.2)
  jeweler (~> 1.6)
  json (~> 1.5)
  rest-client (~> 1.6)!
  rspec (~> 2.5)
  yard (~> 0.6)
