GIT
  remote: https://github.com/archiloque/rest-client
  revision: 8cba835c9b5c4a2d99eb43b2e87bbbeee0bccb9a
  specs:
    rest-client (1.6.1)
      mime-types (>= 1.16)

GEM
  remote: http://rubygems.org/
  specs:
    diff-lcs (1.1.2)
    git (1.2.5)
    hashie (1.0.0)
    jeweler (1.6.2)
      bundler (~> 1.0)
      git (>= 1.2.5)
      rake
    json (1.5.1)
    mime-types (1.16)
    rake (0.9.1)
    rspec (2.5.0)
      rspec-core (~> 2.5.0)
      rspec-expectations (~> 2.5.0)
      rspec-mocks (~> 2.5.0)
    rspec-core (2.5.1)
    rspec-expectations (2.5.0)
      diff-lcs (~> 1.1.2)
    rspec-mocks (2.5.0)
    yard (0.6.4)

PLATFORMS
  ruby

DEPENDENCIES
  bundler (~> 1.0.10)
  hashie (~> 1.0.0)
  jeweler (~> 1.6.2)
  json (~> 1.5.1)
  rest-client (~> 1.6.1)!
  rspec (~> 2.5.0)
  yard (~> 0.6.4)
